GEM
  remote: http://rubygems.org/
  specs:
    activesupport (3.2.17)
      i18n (~> 0.6, >= 0.6.4)
      multi_json (~> 1.0)
    builder (3.2.2)
    em-websocket (0.5.1)
      eventmachine (>= 0.12.9)
      http_parser.rb (~> 0.6.0)
    eventmachine (1.0.3)
    execjs (2.0.2)
    ffi (1.9.3)
    haml (4.0.5)
      tilt
    hike (1.2.3)
    http_parser.rb (0.6.0)
    i18n (0.6.9)
    json (1.8.1)
    listen (1.3.1)
      rb-fsevent (>= 0.9.3)
      rb-inotify (>= 0.9)
      rb-kqueue (>= 0.2)
    middleman-blog (3.4.1)
      middleman-core (~> 3.2)
      tzinfo (~> 0.3.0)
    middleman-core (3.2.2)
      activesupport (~> 3.2.6)
      bundler (~> 1.1)
      i18n (~> 0.6.9)
      listen (~> 1.1)
      rack (>= 1.4.5)
      rack-test (~> 0.6.1)
      thor (>= 0.15.2, < 2.0)
      tilt (~> 1.4.1)
    middleman-livereload (3.1.1)
      em-websocket (>= 0.2.0)
      middleman-core (>= 3.0.2)
      multi_json (~> 1.0)
      rack-livereload
    middleman-sprockets (3.3.3)
      middleman-core (>= 3.2)
      sprockets (~> 2.2)
      sprockets-helpers (~> 1.1.0)
      sprockets-sass (~> 1.1.0)
    multi_json (1.9.3)
    rack (1.5.2)
    rack-livereload (0.3.15)
      rack
    rack-test (0.6.2)
      rack (>= 1.0)
    rb-fsevent (0.9.4)
    rb-inotify (0.9.4)
      ffi (>= 0.5.0)
    rb-kqueue (0.2.2)
      ffi (>= 0.5.0)
    sass (3.3.6)
    sprockets (2.12.1)
      hike (~> 1.2)
      multi_json (~> 1.0)
      rack (~> 1.0)
      tilt (~> 1.1, != 1.3.0)
    sprockets-helpers (1.1.0)
      sprockets (~> 2.0)
    sprockets-sass (1.1.0)
      sprockets (~> 2.0)
      tilt (~> 1.1)
    thor (0.19.1)
    tilt (1.4.1)
    tzinfo (0.3.39)
    uglifier (2.5.0)
      execjs (>= 0.3.0)
      json (>= 1.8.0)

PLATFORMS
  ruby

DEPENDENCIES
  builder (~> 3.0)
  haml (~> 4.0.5)
  middleman-blog (~> 3.4.1)
  middleman-core (~> 3.2.0)
  middleman-livereload (~> 3.1.0)
  middleman-sprockets (~> 3.3.3)
  sass (~> 3.3.6)
  uglifier (~> 2.5.0)
  wdm (~> 0.1.0)
